GEM
  remote: https://rubygems.org/
  specs:
    libv8 (8.4.255.0)
    mini_racer (0.3.1)
      libv8 (~> 8.4.255)

PLATFORMS
  ruby

DEPENDENCIES
  mini_racer (= 0.3.1)

BUNDLED WITH
   2.1.4
